GEM
  remote: https://rubygems.org/
  specs:
    addressable (2.8.7)
      public_suffix (>= 2.0.2, < 7.0)
    bigdecimal (3.1.8)
    buftok (0.3.0)
    domain_name (0.6.20240107)
    eventmachine (1.2.7)
    http (3.3.0)
      addressable (~> 2.3)
      http-cookie (~> 1.0)
      http-form_data (~> 2.0)
      http_parser.rb (~> 0.6.0)
    http-cookie (1.0.6)
      domain_name (~> 0.5)
    http-form_data (2.3.0)
    http_parser.rb (0.6.0)
    mastodon-api (2.0.0)
      addressable (~> 2.6)
      buftok (~> 0)
      http (~> 3.3)
      oj (~> 3.7)
    oj (3.16.4)
      bigdecimal (>= 3.0)
    public_suffix (6.0.1)

PLATFORMS
  arm64-darwin-23

DEPENDENCIES
  eventmachine
  mastodon-api

BUNDLED WITH
   2.3.27
